NUGET
  remote: https://www.nuget.org/api/v2
  specs:
    FSharp.Core (4.0.0.1)
    Npgsql (2.2.7)
    SQLProvider (0.0.11-alpha)
    Suave (1.0.0)
      FSharp.Core (>= 3.1.2.5)
    Suave.Experimental (1.0.0)
      FSharp.Core (>= 3.1.2.5)
      Suave (>= 1.0.0)
