FRAMEWORK: NET462
NUGET
  remote: https://www.nuget.org/api/v2
    FAKE (4.50)
    FSharp.Core (4.0.0.1)
    Npgsql (3.1.4)
    SQLProvider (1.0.43)
    Suave (2.0.1)
      FSharp.Core (>= 4.0.0.1)
    Suave.Experimental (2.0.1)
      FSharp.Core (>= 4.0.0.1)
      Suave (>= 2.0.1)
